GEM
  remote: https://rubygems.org/
  specs:
    mini_portile2 (2.1.0)
    nokogiri (1.7.2)
      mini_portile2 (~> 2.1.0)

PLATFORMS
  ruby

DEPENDENCIES
  nokogiri

RUBY VERSION
   ruby 2.3.1p112

BUNDLED WITH
   1.14.3
